GEM
  remote: https://rubygems.org/
  specs:
    ansi (1.5.0)
    atk (3.0.8)
      glib2 (= 3.0.8)
    builder (3.2.2)
    cairo (1.15.2)
      pkg-config (>= 1.1.5)
    coderay (1.1.1)
    fakefs (0.8.1)
    ffi (1.9.10)
    gdk_pixbuf2 (3.0.8)
      glib2 (= 3.0.8)
    gio2 (3.0.8)
      glib2 (= 3.0.8)
      gobject-introspection (= 3.0.8)
    glib2 (3.0.8)
      pkg-config
    gobject-introspection (3.0.8)
      glib2 (= 3.0.8)
    gtk2 (3.0.8)
      atk (= 3.0.8)
      gdk_pixbuf2 (= 3.0.8)
      pango (= 3.0.8)
    imdb (0.8.2)
      nokogiri (= 1.6.2.1)
    listen (3.1.1)
      rb-fsevent (>= 0.9.3)
      rb-inotify (>= 0.9.7)
    method_source (0.8.2)
    mini_portile (0.6.0)
    minitest (5.8.4)
    minitest-reporters (1.1.8)
      ansi
      builder
      minitest (>= 5.0)
      ruby-progressbar
    nokogiri (1.6.2.1)
      mini_portile (= 0.6.0)
    pango (3.0.8)
      cairo (>= 1.14.0)
      glib2 (= 3.0.8)
    pkg-config (1.1.7)
    pry (0.10.3)
      coderay (~> 1.1.0)
      method_source (~> 0.8.1)
      slop (~> 3.4)
    rake (11.1.2)
    rb-fsevent (0.9.7)
    rb-inotify (0.9.7)
      ffi (>= 0.5.0)
    ruby-progressbar (1.8.0)
    slop (3.6.0)

PLATFORMS
  ruby

DEPENDENCIES
  fakefs
  gio2
  gtk2
  imdb
  listen
  minitest
  minitest-reporters
  pry
  rake

BUNDLED WITH
   1.12.5
