GEM
  remote: https://rubygems.org/
  specs:
    ansi (1.5.0)
    atk (3.1.7)
      glib2 (= 3.1.7)
    builder (3.2.3)
    cairo (1.15.9)
      native-package-installer (>= 1.0.3)
      pkg-config (>= 1.2.2)
    cairo-gobject (3.1.7)
      cairo
      glib2 (= 3.1.7)
    coderay (1.1.1)
    fakefs (0.11.0)
    ffi (1.9.18)
    gdk_pixbuf2 (3.1.7)
      gio2 (= 3.1.7)
    gio2 (3.1.7)
      glib2 (= 3.1.7)
      gobject-introspection (= 3.1.7)
    glib2 (3.1.7)
      native-package-installer (>= 1.0.3)
      pkg-config (>= 1.2.2)
    gobject-introspection (3.1.7)
      glib2 (= 3.1.7)
    gtk2 (3.1.7)
      atk (= 3.1.7)
      gdk_pixbuf2 (= 3.1.7)
      pango (= 3.1.7)
    imdb (0.8.2)
      nokogiri (= 1.6.2.1)
    listen (3.1.5)
      rb-fsevent (~> 0.9, >= 0.9.4)
      rb-inotify (~> 0.9, >= 0.9.7)
      ruby_dep (~> 1.2)
    method_source (0.8.2)
    mini_portile (0.6.0)
    minitest (5.10.2)
    minitest-reporters (1.1.14)
      ansi
      builder
      minitest (>= 5.0)
      ruby-progressbar
    native-package-installer (1.0.4)
    nokogiri (1.6.2.1)
      mini_portile (= 0.6.0)
    pango (3.1.7)
      cairo (>= 1.14.0)
      cairo-gobject (= 3.1.7)
      gobject-introspection (= 3.1.7)
    pkg-config (1.2.3)
    pry (0.10.4)
      coderay (~> 1.1.0)
      method_source (~> 0.8.1)
      slop (~> 3.4)
    rake (12.0.0)
    rb-fsevent (0.10.2)
    rb-inotify (0.9.10)
      ffi (>= 0.5.0, < 2)
    ruby-progressbar (1.8.1)
    ruby_dep (1.5.0)
    slop (3.6.0)

PLATFORMS
  ruby

DEPENDENCIES
  fakefs
  gio2
  gtk2
  imdb
  listen
  minitest
  minitest-reporters
  pry
  rake

BUNDLED WITH
   1.15.1
